GEM
  remote: http://rubygems.org/
  specs:
    facter (1.6.10)
    puppet (2.7.18)
      facter (~> 1.5)

PLATFORMS
  ruby

DEPENDENCIES
  puppet (= 2.7.18)
